PATH
  remote: .
  specs:
    dkennell_gem (1.1)

GEM
  remote: https://rubygems.org/
  specs:
    rake (10.4.2)

PLATFORMS
  ruby

DEPENDENCIES
  bundler (~> 1.16)
  dkennell_gem!
  rake (~> 10.0)

BUNDLED WITH
   1.16.1
